GEM
  remote: http://gemcutter.org/
  specs:
    SystemTimer (1.2)
    abstract (1.0.0)
    actionmailer (3.0.0.rc)
      actionpack (= 3.0.0.rc)
      mail (~> 2.2.5)
    actionpack (3.0.0.rc)
      activemodel (= 3.0.0.rc)
      activesupport (= 3.0.0.rc)
      builder (~> 2.1.2)
      erubis (~> 2.6.6)
      i18n (~> 0.4.1)
      rack (~> 1.2.1)
      rack-mount (~> 0.6.9)
      rack-test (~> 0.5.4)
      tzinfo (~> 0.3.22)
    activemodel (3.0.0.rc)
      activesupport (= 3.0.0.rc)
      builder (~> 2.1.2)
      i18n (~> 0.4.1)
    activerecord (3.0.0.rc)
      activemodel (= 3.0.0.rc)
      activesupport (= 3.0.0.rc)
      arel (~> 0.4.0)
      tzinfo (~> 0.3.22)
    activeresource (3.0.0.rc)
      activemodel (= 3.0.0.rc)
      activesupport (= 3.0.0.rc)
    activesupport (3.0.0.rc)
    acts_as_list (0.1.2)
    annotate (2.4.0)
    arel (0.4.0)
      activesupport (>= 3.0.0.beta)
    babosa (0.1.0)
    bcrypt-ruby (2.1.2)
    builder (2.1.2)
    canable (0.1.1)
    compass (0.10.3)
      haml (>= 3.0.4)
    daemons (1.1.0)
    devise (1.1.1)
      bcrypt-ruby (~> 2.1.2)
      warden (~> 0.10.7)
    diff-lcs (1.1.2)
    erubis (2.6.6)
      abstract (>= 1.0.0)
    eventmachine (0.12.10)
    factory_girl (1.3.1)
    factory_girl_rails (1.0)
      factory_girl (~> 1.3)
      rails (>= 3.0.0.beta4)
    friendly_id (3.1.1.1)
      babosa (>= 0.1.0)
    haml (3.0.15)
    htmlentities (4.2.1)
    i18n (0.4.1)
    jslint_on_rails (1.0.3)
    mail (2.2.5)
      activesupport (>= 2.3.6)
      mime-types
      treetop (>= 1.4.5)
    mime-types (1.16)
    mysql2 (0.1.9)
    nokogiri (1.4.3.1)
    paperclip (2.3.3)
      activerecord
      activesupport
    polyglot (0.3.1)
    rack (1.2.1)
    rack-mount (0.6.9)
      rack (>= 1.0.0)
    rack-test (0.5.4)
      rack (>= 1.0)
    rails (3.0.0.rc)
      actionmailer (= 3.0.0.rc)
      actionpack (= 3.0.0.rc)
      activerecord (= 3.0.0.rc)
      activeresource (= 3.0.0.rc)
      activesupport (= 3.0.0.rc)
      bundler (>= 1.0.0.rc.1)
      railties (= 3.0.0.rc)
    rails3-generators (0.11.0)
    railties (3.0.0.rc)
      actionpack (= 3.0.0.rc)
      activesupport (= 3.0.0.rc)
      rake (>= 0.8.3)
      thor (~> 0.14.0)
    rake (0.8.7)
    raspell (1.1)
    rdiscount (1.6.5)
    redis (2.0.5)
    redis-store (1.0.0.beta2)
      redis (>= 2.0.0)
    rspec (2.0.0.beta.19)
      rspec-core (= 2.0.0.beta.19)
      rspec-expectations (= 2.0.0.beta.19)
      rspec-mocks (= 2.0.0.beta.19)
    rspec-core (2.0.0.beta.19)
    rspec-expectations (2.0.0.beta.19)
      diff-lcs (>= 1.1.2)
    rspec-mocks (2.0.0.beta.19)
    rspec-rails (2.0.0.beta.19)
      rspec (= 2.0.0.beta.19)
      webrat (>= 0.7.2.beta.1)
    simple_autocomplete (0.3.6)
    sitemap_generator (1.0.1)
    state_machine (0.9.4)
    thin (1.2.7)
      daemons (>= 1.0.9)
      eventmachine (>= 0.12.6)
      rack (>= 1.0.0)
    thor (0.14.0)
    treetop (1.4.8)
      polyglot (>= 0.3.1)
    tzinfo (0.3.22)
    validates_url_format_of (0.1.0)
      activerecord (>= 2.3.4)
    warden (0.10.7)
      rack (>= 1.0.0)
    webrat (0.7.2.beta.1)
      nokogiri (>= 1.2.0)
      rack (>= 1.0)
      rack-test (>= 0.5.3)
    will_paginate (3.0.pre2)
    yajl-ruby (0.7.7)

PLATFORMS
  ruby

DEPENDENCIES
  SystemTimer (~> 1.2)
  acts_as_list (~> 0.1)
  annotate
  canable (~> 0.1)
  compass (~> 0.10)
  devise (~> 1.1)
  erubis (~> 2.6)
  factory_girl_rails (~> 1.0)
  friendly_id (~> 3.1)
  haml (~> 3.0)
  htmlentities (~> 4.2)
  jslint_on_rails
  mysql2 (~> 0.1)
  nokogiri (~> 1.4)
  paperclip (~> 2.3)
  rails (= 3.0.0.rc)
  rails3-generators
  raspell (~> 1.1)
  rdiscount (~> 1.6)
  redis (~> 2.0)
  redis-store (>= 1.0.0.beta2)
  rspec-rails (>= 2.0.0.beta.19)
  simple_autocomplete (~> 0.3)
  sitemap_generator (~> 1.0)
  state_machine (~> 0.9)
  thin (~> 1.2)
  validates_url_format_of (~> 0.1)
  will_paginate (>= 3.0.pre2)
  yajl-ruby (~> 0.7)
